GEM
  remote: https://rubygems.org/
  specs:
    httparty (0.11.0)
      multi_json (~> 1.0)
      multi_xml (>= 0.5.2)
    json (1.7.7)
    moped (1.4.5)
    multi_json (1.7.2)
    multi_xml (0.5.3)
    rack (1.5.2)
    rack-protection (1.4.0)
      rack
    rufus-scheduler (2.0.18)
      tzinfo (>= 0.3.23)
    sinatra (1.3.5)
      rack (~> 1.4)
      rack-protection (~> 1.3)
      tilt (~> 1.3, >= 1.3.3)
    tilt (1.3.6)
    tzinfo (0.3.37)

PLATFORMS
  ruby

DEPENDENCIES
  httparty (~> 0.11.0)
  json (~> 1.7.7)
  moped (~> 1.4.5)
  rufus-scheduler (~> 2.0.18)
  sinatra
